GEM
  remote: https://rubygems.org/
  specs:
    ankirb (0.4.1)
      base91 (= 0.0.1)
      mimemagic (~> 0.3)
      rake (~> 10.5)
      rubyzip (~> 1.1)
      sqlite3 (~> 1.3)
    base91 (0.0.1)
    byebug (11.1.3)
    coderay (1.1.3)
    event_stream_parser (1.0.0)
    faraday (2.9.0)
      faraday-net_http (>= 2.0, < 3.2)
    faraday-multipart (1.0.4)
      multipart-post (~> 2)
    faraday-net_http (3.1.0)
      net-http
    method_source (1.0.0)
    mimemagic (0.4.3)
      nokogiri (~> 1)
      rake
    multipart-post (2.4.0)
    net-http (0.4.1)
      uri
    nokogiri (1.16.2-arm64-darwin)
      racc (~> 1.4)
    pastel (0.8.0)
      tty-color (~> 0.5)
    pry (0.13.1)
      coderay (~> 1.1)
      method_source (~> 1.0)
    pry-byebug (3.9.0)
      byebug (~> 11.0)
      pry (~> 0.13.0)
    racc (1.7.3)
    rake (10.5.0)
    ruby-openai (6.3.1)
      event_stream_parser (>= 0.3.0, < 2.0.0)
      faraday (>= 1)
      faraday-multipart (>= 1)
    rubyzip (1.3.0)
    sqlite3 (1.7.2-arm64-darwin)
    tty-color (0.6.0)
    tty-cursor (0.7.1)
    tty-prompt (0.23.1)
      pastel (~> 0.8)
      tty-reader (~> 0.8)
    tty-reader (0.9.0)
      tty-cursor (~> 0.7)
      tty-screen (~> 0.8)
      wisper (~> 2.0)
    tty-screen (0.8.2)
    uri (0.13.0)
    wisper (2.0.1)

PLATFORMS
  arm64-darwin-23

DEPENDENCIES
  ankirb
  pry
  pry-byebug
  ruby-openai
  tty-prompt

RUBY VERSION
   ruby 3.1.4p223

BUNDLED WITH
   2.4.19
